GEM
  remote: https://rubygems.org/
  specs:
    rwordnet (1.1.0)
    stemmer (1.0.1)
    stopwords (0.2)
    tf_idf (0.0.2)

PLATFORMS
  ruby

DEPENDENCIES
  rwordnet
  stemmer
  stopwords
  tf_idf

BUNDLED WITH
   1.11.2
